GEM
  remote: https://rubygems.org/
  specs:
    coderay (1.1.2)
    engtagger (0.2.1)
    method_source (0.9.2)
    mustermann (1.0.3)
    pry (0.12.2)
      coderay (~> 1.1.0)
      method_source (~> 0.9.0)
    rack (2.0.7)
    rack-protection (2.0.5)
      rack
    redis (4.1.1)
    sinatra (2.0.5)
      mustermann (~> 1.0)
      rack (~> 2.0)
      rack-protection (= 2.0.5)
      tilt (~> 2.0)
    sinatra-cross_origin (0.4.0)
    tilt (2.0.9)

PLATFORMS
  ruby

DEPENDENCIES
  engtagger
  pry
  redis
  sinatra
  sinatra-cross_origin

BUNDLED WITH
   2.0.2
