GEM
  remote: https://rubygems.org/
  specs:
    birch (0.1.1)
    coderay (1.1.2)
    engtagger (0.2.1)
    json (1.8.6)
    method_source (0.9.2)
    mime-types (1.25.1)
    mustermann (1.0.3)
    progressbar (1.10.1)
    pry (0.12.2)
      coderay (~> 1.1.0)
      method_source (~> 0.9.0)
    rack (2.0.7)
    rack-protection (2.0.5)
      rack
    redis (4.1.1)
    rubyzip (0.9.9)
    schiphol (1.0.2)
      progressbar (>= 0.10.0)
      rubyzip (~> 0.9.9)
    sinatra (2.0.5)
      mustermann (~> 1.0)
      rack (~> 2.0)
      rack-protection (= 2.0.5)
      tilt (~> 2.0)
    sinatra-cross_origin (0.4.0)
    tilt (2.0.9)
    treat (2.1.0)
      birch
      schiphol
      yomu
    yomu (0.2.4)
      json (~> 1.8)
      mime-types (~> 1.23)

PLATFORMS
  ruby

DEPENDENCIES
  engtagger
  pry
  redis
  sinatra
  sinatra-cross_origin
  treat

BUNDLED WITH
   2.0.2
